GEM
  remote: http://rubygems.org/
  specs:
    activesupport (7.0.3)
      concurrent-ruby (~> 1.0, >= 1.0.2)
      i18n (>= 1.6, < 2)
      minitest (>= 5.1)
      tzinfo (~> 2.0)
    atk (2.0.0)
      glib2 (>= 2.0.0)
    cairo (1.12.4)
      pkg-config
    columnize (0.3.6)
    concurrent-ruby (1.1.10)
    debugger (1.5.0)
      columnize (>= 0.3.1)
      debugger-linecache (~> 1.2.0)
      debugger-ruby_core_source (~> 1.2.0)
    debugger-linecache (1.2.0)
    debugger-ruby_core_source (1.2.0)
    diff-lcs (1.2.4)
    gdk_pixbuf2 (2.0.0)
      glib2 (>= 2.0.0)
    glib2 (2.0.0)
      pkg-config
    gtk2 (2.0.0)
      atk (>= 2.0.0)
      gdk_pixbuf2 (>= 2.0.0)
      pango (>= 2.0.0)
    i18n (1.10.0)
      concurrent-ruby (~> 1.0)
    minitest (5.16.0)
    pango (2.0.0)
      cairo (>= 1.10.0)
      glib2 (>= 2.0.0)
    pkg-config (1.1.4)
    rake (10.0.4)
    rspec (2.13.0)
      rspec-core (~> 2.13.0)
      rspec-expectations (~> 2.13.0)
      rspec-mocks (~> 2.13.0)
    rspec-core (2.13.1)
    rspec-expectations (2.13.0)
      diff-lcs (>= 1.1.3, < 2.0)
    rspec-mocks (2.13.1)
    rugui (2.0.0.beta3)
      activesupport (>= 3.2.0)
      rake (>= 0.9.2.2)
      thor (>= 0.14.6)
    thor (0.18.1)
    tzinfo (2.0.4)
      concurrent-ruby (~> 1.0)

PLATFORMS
  ruby

DEPENDENCIES
  debugger
  gtk2
  rspec (>= 2.11.0)
  rugui (~> 2.0.0.beta)
